GIT
  remote: https://github.com/jules2689/calculus.git
  revision: 5a273ac77a7d9af91f54ebefe3d614133f88260d
  specs:
    calculus (0.2.0)

GIT
  remote: https://github.com/jules2689/charts.git
  revision: 393330976acab339ca1f2cbdc30217127eb6fb38
  specs:
    charts (0.0.1)
      ttfunk
      victor (= 0.2.1)

GEM
  remote: https://rubygems.org/
  specs:
    addressable (2.5.0)
      public_suffix (~> 2.0, >= 2.0.2)
    backports (3.7.0)
    byebug (9.0.6)
    coderay (1.1.1)
    ejson (1.0.2)
    faraday (0.11.0)
      multipart-post (>= 1.2, < 3)
    method_source (0.8.2)
    multi_json (1.12.1)
    multipart-post (2.0.0)
    octokit (4.6.2)
      sawyer (~> 0.8.0, >= 0.5.3)
    pry (0.10.4)
      coderay (~> 1.1.0)
      method_source (~> 0.8.1)
      slop (~> 3.4)
    pry-byebug (3.4.2)
      byebug (~> 9.0)
      pry (~> 0.10)
    public_suffix (2.0.5)
    puma (3.8.2)
    rack (1.6.5)
    rack-protection (1.5.3)
      rack
    rack-test (0.6.3)
      rack (>= 1.0)
    sawyer (0.8.1)
      addressable (>= 2.3.5, < 2.6)
      faraday (~> 0.8, < 1.0)
    sinatra (1.4.8)
      rack (~> 1.5)
      rack-protection (~> 1.4)
      tilt (>= 1.3, < 3)
    sinatra-contrib (1.4.7)
      backports (>= 2.0)
      multi_json
      rack-protection
      rack-test
      sinatra (~> 1.4.0)
      tilt (>= 1.3, < 3)
    slop (3.6.0)
    tilt (2.0.7)
    ttfunk (1.5.0)
    victor (0.2.1)

PLATFORMS
  ruby

DEPENDENCIES
  byebug
  calculus!
  charts!
  ejson
  octokit
  pry
  pry-byebug
  puma
  sinatra
  sinatra-contrib

BUNDLED WITH
   1.14.5
